GEM
  remote: http://rubygems.org/
  specs:
    docile (1.3.1)
    json (2.1.0)
    rake (12.3.2)
    simplecov (0.16.1)
      docile (~> 1.1)
      json (>= 1.8, < 3)
      simplecov-html (~> 0.10.0)
    simplecov-html (0.10.2)

PLATFORMS
  ruby

DEPENDENCIES
  rake
  simplecov

BUNDLED WITH
   2.0.1
